GEM
  remote: https://rubygems.org/
  specs:
    activemodel (7.0.4.3)
      activesupport (= 7.0.4.3)
    activerecord (7.0.4.3)
      activemodel (= 7.0.4.3)
      activesupport (= 7.0.4.3)
    activesupport (7.0.4.3)
      concurrent-ruby (~> 1.0, >= 1.0.2)
      i18n (>= 1.6, < 2)
      minitest (>= 5.1)
      tzinfo (~> 2.0)
    bcrypt (3.1.11)
    colorize (0.8.1)
    concurrent-ruby (1.2.2)
    i18n (1.13.0)
      concurrent-ruby (~> 1.0)
    mini_portile2 (2.8.1)
    minitest (5.18.0)
    multi_json (1.15.0)
    mustermann (3.0.0)
      ruby2_keywords (~> 0.0.1)
    nio4r (2.5.9)
    puma (6.2.2)
      nio4r (~> 2.0)
    rack (2.2.7)
    rack-flash3 (1.0.5)
      rack
    rack-protection (3.0.6)
      rack
    rake (12.3.0)
    ruby2_keywords (0.0.5)
    sinatra (3.0.6)
      mustermann (~> 3.0)
      rack (~> 2.2, >= 2.2.4)
      rack-protection (= 3.0.6)
      tilt (~> 2.0)
    sinatra-activerecord (2.0.26)
      activerecord (>= 4.1)
      sinatra (>= 1.0)
    sinatra-contrib (3.0.6)
      multi_json
      mustermann (~> 3.0)
      rack-protection (= 3.0.6)
      sinatra (= 3.0.6)
      tilt (~> 2.0)
    sqlite3 (1.6.2)
      mini_portile2 (~> 2.8.0)
    tilt (2.1.0)
    tzinfo (2.0.6)
      concurrent-ruby (~> 1.0)
    warden (1.2.9)
      rack (>= 2.0.9)

PLATFORMS
  ruby

DEPENDENCIES
  bcrypt
  colorize
  puma
  rack-flash3
  rake
  sinatra
  sinatra-activerecord
  sinatra-contrib
  sqlite3
  warden

BUNDLED WITH
   1.16.0
